GEM
  remote: http://rubygems.org/
  specs:
    actionmailer (2.3.5)
      actionpack (= 2.3.5)
    actionpack (2.3.5)
      activesupport (= 2.3.5)
      rack (~> 1.0.0)
    activerecord (2.3.5)
      activesupport (= 2.3.5)
    activeresource (2.3.5)
      activesupport (= 2.3.5)
    activesupport (2.3.5)
    authlogic (2.1.3)
      activesupport
    builder (3.0.0)
    campaigning (0.15.0)
      soap4r (~> 1.5.0)
    cucumber (0.6.4)
      builder (>= 2.1.2)
      diff-lcs (>= 1.1.2)
      json_pure (>= 1.2.0)
      polyglot (>= 0.2.9)
      term-ansicolor (>= 1.0.4)
      treetop (>= 1.4.2)
    diff-lcs (1.1.3)
    factory_girl (1.2.4)
    haml (2.2.22)
    httpclient (2.2.4)
    json_pure (1.6.5)
    mysql (2.8.1)
    polyglot (0.3.3)
    rack (1.0.1)
    rails (2.3.5)
      actionmailer (= 2.3.5)
      actionpack (= 2.3.5)
      activerecord (= 2.3.5)
      activeresource (= 2.3.5)
      activesupport (= 2.3.5)
      rake (>= 0.8.3)
    railsgarden-message_block (0.1.0)
    rake (0.9.2.2)
    shoulda (2.10.3)
    soap4r (1.5.8)
      httpclient (>= 2.1.1)
    term-ansicolor (1.0.7)
    treetop (1.4.10)
      polyglot
      polyglot (>= 0.3.1)
    will_paginate (2.3.12)

PLATFORMS
  ruby

DEPENDENCIES
  authlogic (= 2.1.3)
  campaigning (= 0.15.0)
  cucumber (= 0.6.4)
  factory_girl (= 1.2.4)
  haml (= 2.2.22)
  mysql (= 2.8.1)
  rails (= 2.3.5)
  railsgarden-message_block (= 0.1.0)
  shoulda (= 2.10.3)
  will_paginate (= 2.3.12)
